GIT
  remote: git://github.com/resque/resque.git
  revision: 9e0f4fa1869749c86258ff9ccba936617c4b1ed8
  specs:
    resque (2.0.0.pre.1)
      json
      mono_logger (~> 1.0)
      redis-namespace (>= 1.3.0)
      thor (~> 0.17)

GEM
  remote: https://rubygems.org/
  specs:
    haml (4.0.3)
      tilt
    json (1.8.0)
    mono_logger (1.1.0)
    rack (1.5.2)
    redis (3.0.5)
    redis-namespace (1.3.1)
      redis (~> 3.0.0)
    sinatra (1.1.0)
      rack (~> 1.1)
      tilt (~> 1.1)
    thor (0.18.1)
    tilt (1.4.1)

PLATFORMS
  ruby

DEPENDENCIES
  haml
  redis
  resque (~> 2.0.0.pre.1)!
  sinatra (= 1.1.0)
